GEM
  remote: https://rubygems.org/
  specs:
    actionview (5.0.2)
      activesupport (= 5.0.2)
      builder (~> 3.1)
      erubis (~> 2.7.0)
      rails-dom-testing (~> 2.0)
      rails-html-sanitizer (~> 1.0, >= 1.0.3)
    activemodel (5.0.2)
      activesupport (= 5.0.2)
    activerecord (5.0.2)
      activemodel (= 5.0.2)
      activesupport (= 5.0.2)
      arel (~> 7.0)
    activesupport (5.0.2)
      concurrent-ruby (~> 1.0, >= 1.0.2)
      i18n (~> 0.7)
      minitest (~> 5.1)
      tzinfo (~> 1.1)
    arel (7.1.4)
    ast (2.3.0)
    awesome_print (1.7.0)
    bcrypt (3.1.11)
    builder (3.2.3)
    byebug (9.0.6)
    concurrent-ruby (1.0.5)
    dalli (2.7.6)
    diff-lcs (1.3)
    dotenv (2.2.0)
    enumerable-lazy (0.0.2)
    erubi (1.6.0)
    erubis (2.7.0)
    execjs (2.7.0)
    flickraw (0.9.9)
    foreman (0.84.0)
      thor (~> 0.19.1)
    geocoder (1.4.3)
    i18n (0.8.1)
    kaminari (1.0.1)
      activesupport (>= 4.1.0)
      kaminari-actionview (= 1.0.1)
      kaminari-activerecord (= 1.0.1)
      kaminari-core (= 1.0.1)
    kaminari-actionview (1.0.1)
      actionview
      kaminari-core (= 1.0.1)
    kaminari-activerecord (1.0.1)
      activerecord
      kaminari-core (= 1.0.1)
    kaminari-core (1.0.1)
    kaminari-sinatra (1.0.1)
      actionview
      kaminari-core (~> 1.0)
      padrino-helpers
      sinatra
    loofah (2.0.3)
      nokogiri (>= 1.5.9)
    mail (2.6.4)
      mime-types (>= 1.16, < 4)
    memcachier (0.0.2)
    mime-types (2.99.3)
    mini_portile2 (2.1.0)
    minitest (5.10.1)
    moneta (0.8.1)
    mustermann19 (0.4.4)
      enumerable-lazy
    mysql2 (0.4.5)
    newrelic_rpm (4.0.0.332)
    nokogiri (1.7.1)
      mini_portile2 (~> 2.1.0)
    oj (2.18.5)
    padrino (0.14.0.1)
      padrino-admin (= 0.14.0.1)
      padrino-cache (= 0.14.0.1)
      padrino-core (= 0.14.0.1)
      padrino-gen (= 0.14.0.1)
      padrino-helpers (= 0.14.0.1)
      padrino-mailer (= 0.14.0.1)
      padrino-support (= 0.14.0.1)
    padrino-admin (0.14.0.1)
      padrino-core (= 0.14.0.1)
      padrino-helpers (= 0.14.0.1)
    padrino-cache (0.14.0.1)
      moneta (~> 0.8.0)
      padrino-core (= 0.14.0.1)
      padrino-helpers (= 0.14.0.1)
    padrino-cookies (0.1.2)
      padrino-core
    padrino-core (0.14.0.1)
      mustermann19
      padrino-support (= 0.14.0.1)
      rack-protection (>= 1.5.0)
      sinatra (>= 1.4.6)
      thor (~> 0.18)
    padrino-gen (0.14.0.1)
      bundler (~> 1.0)
      padrino-core (= 0.14.0.1)
    padrino-helpers (0.14.0.1)
      i18n (~> 0.6, >= 0.6.7)
      padrino-support (= 0.14.0.1)
      tilt (>= 1.4.1, < 3)
    padrino-mailer (0.14.0.1)
      mail (~> 2.5)
      mime-types (< 3)
      padrino-core (= 0.14.0.1)
    padrino-sprockets (0.0.3)
      sprockets
    padrino-support (0.14.0.1)
    parser (2.4.0.0)
      ast (~> 2.2)
    powerpack (0.1.1)
    puma (3.8.2)
    rack (1.6.5)
    rack-protection (1.5.3)
      rack
    rack-test (0.6.3)
      rack (>= 1.0)
    rails-dom-testing (2.0.2)
      activesupport (>= 4.2.0, < 6.0)
      nokogiri (~> 1.6)
    rails-html-sanitizer (1.0.3)
      loofah (~> 2.0)
    rainbow (2.2.1)
    rake (12.0.0)
    rspec (3.5.0)
      rspec-core (~> 3.5.0)
      rspec-expectations (~> 3.5.0)
      rspec-mocks (~> 3.5.0)
    rspec-core (3.5.4)
      rspec-support (~> 3.5.0)
    rspec-expectations (3.5.0)
      diff-lcs (>= 1.2.0, < 2.0)
      rspec-support (~> 3.5.0)
    rspec-mocks (3.5.0)
      diff-lcs (>= 1.2.0, < 2.0)
      rspec-support (~> 3.5.0)
    rspec-support (3.5.0)
    rubocop (0.47.1)
      parser (>= 2.3.3.1, < 3.0)
      powerpack (~> 0.1)
      rainbow (>= 1.99.1, < 3.0)
      ruby-progressbar (~> 1.7)
      unicode-display_width (~> 1.0, >= 1.0.1)
    rubocop-checkstyle_formatter (0.3.0)
      rubocop (>= 0.30.1)
    ruby-progressbar (1.8.1)
    sinatra (1.4.8)
      rack (~> 1.5)
      rack-protection (~> 1.4)
      tilt (>= 1.3, < 3)
    sinatra-flash (0.3.0)
      sinatra (>= 1.0.0)
    sprockets (3.7.1)
      concurrent-ruby (~> 1.0)
      rack (> 1, < 3)
    thor (0.19.4)
    thread_safe (0.3.6)
    tilt (2.0.7)
    tzinfo (1.2.3)
      thread_safe (~> 0.1)
    uglifier (3.1.12)
      execjs (>= 0.3.0, < 3)
    unicode-display_width (1.1.3)
    yui-compressor (0.12.0)

PLATFORMS
  ruby

DEPENDENCIES
  activerecord (>= 3.1)
  activesupport (>= 3.1)
  awesome_print
  bcrypt
  builder
  bundler (= 1.13.7)
  byebug
  dalli
  dotenv
  erubi
  flickraw
  foreman
  geocoder
  kaminari
  kaminari-sinatra
  memcachier
  mysql2
  newrelic_rpm
  oj
  padrino
  padrino-cookies
  padrino-sprockets
  puma
  rack-protection
  rack-test
  rake
  rspec
  rubocop (= 0.47.1)
  rubocop-checkstyle_formatter
  sinatra-flash
  uglifier
  yui-compressor

BUNDLED WITH
   1.13.7
