GEM
  remote: https://rubygems.org/
  specs:
    actionview (5.1.4)
      activesupport (= 5.1.4)
      builder (~> 3.1)
      erubi (~> 1.4)
      rails-dom-testing (~> 2.0)
      rails-html-sanitizer (~> 1.0, >= 1.0.3)
    activemodel (5.1.4)
      activesupport (= 5.1.4)
    activerecord (5.1.4)
      activemodel (= 5.1.4)
      activesupport (= 5.1.4)
      arel (~> 8.0)
    activesupport (5.1.4)
      concurrent-ruby (~> 1.0, >= 1.0.2)
      i18n (~> 0.7)
      minitest (~> 5.1)
      tzinfo (~> 1.1)
    arel (8.0.0)
    ast (2.4.0)
    awesome_print (1.8.0)
    bcrypt (3.1.11)
    builder (3.2.3)
    byebug (10.0.0)
    concurrent-ruby (1.0.5)
    crass (1.0.3)
    dalli (2.7.6)
    diff-lcs (1.3)
    dotenv (2.2.1)
    enumerable-lazy (0.0.2)
    erubi (1.7.0)
    execjs (2.7.0)
    flickraw (0.9.9)
    foreman (0.84.0)
      thor (~> 0.19.1)
    geocoder (1.4.5)
    i18n (0.9.3)
      concurrent-ruby (~> 1.0)
    kaminari (1.1.1)
      activesupport (>= 4.1.0)
      kaminari-actionview (= 1.1.1)
      kaminari-activerecord (= 1.1.1)
      kaminari-core (= 1.1.1)
    kaminari-actionview (1.1.1)
      actionview
      kaminari-core (= 1.1.1)
    kaminari-activerecord (1.1.1)
      activerecord
      kaminari-core (= 1.1.1)
    kaminari-core (1.1.1)
    kaminari-sinatra (1.0.1)
      actionview
      kaminari-core (~> 1.0)
      padrino-helpers
      sinatra
    loofah (2.1.1)
      crass (~> 1.0.2)
      nokogiri (>= 1.5.9)
    mail (2.7.0)
      mini_mime (>= 0.1.1)
    memcachier (0.0.2)
    mime-types (2.99.3)
    mini_mime (1.0.0)
    mini_portile2 (2.3.0)
    minitest (5.11.3)
    moneta (1.0.0)
    mustermann (1.0.1)
    mustermann19 (0.4.4)
      enumerable-lazy
    mysql2 (0.4.10)
    newrelic_rpm (4.8.0.341)
    nokogiri (1.8.2)
      mini_portile2 (~> 2.3.0)
    oj (3.4.0)
    padrino (0.14.2)
      padrino-admin (= 0.14.2)
      padrino-cache (= 0.14.2)
      padrino-core (= 0.14.2)
      padrino-gen (= 0.14.2)
      padrino-helpers (= 0.14.2)
      padrino-mailer (= 0.14.2)
      padrino-support (= 0.14.2)
    padrino-admin (0.14.2)
      padrino-core (= 0.14.2)
      padrino-helpers (= 0.14.2)
    padrino-cache (0.14.2)
      moneta (~> 1.0.0)
      padrino-core (= 0.14.2)
      padrino-helpers (= 0.14.2)
    padrino-cookies (0.1.2)
      padrino-core
    padrino-core (0.14.2)
      mustermann19
      padrino-support (= 0.14.2)
      rack-protection (>= 1.5.0)
      sinatra (>= 1.4.6)
      thor (~> 0.18)
    padrino-gen (0.14.2)
      bundler (~> 1.0)
      padrino-core (= 0.14.2)
    padrino-helpers (0.14.2)
      i18n (~> 0.6, >= 0.6.7)
      padrino-support (= 0.14.2)
      tilt (>= 1.4.1, < 3)
    padrino-mailer (0.14.2)
      mail (~> 2.5)
      mime-types (< 3)
      padrino-core (= 0.14.2)
    padrino-sprockets (0.0.3)
      sprockets
    padrino-support (0.14.2)
    parallel (1.12.1)
    parser (2.4.0.2)
      ast (~> 2.3)
    powerpack (0.1.1)
    puma (3.11.2)
    rack (2.0.4)
    rack-protection (2.0.0)
      rack
    rack-test (0.8.2)
      rack (>= 1.0, < 3)
    rails-dom-testing (2.0.3)
      activesupport (>= 4.2.0)
      nokogiri (>= 1.6)
    rails-html-sanitizer (1.0.3)
      loofah (~> 2.0)
    rainbow (3.0.0)
    rake (12.3.0)
    rspec (3.7.0)
      rspec-core (~> 3.7.0)
      rspec-expectations (~> 3.7.0)
      rspec-mocks (~> 3.7.0)
    rspec-core (3.7.1)
      rspec-support (~> 3.7.0)
    rspec-expectations (3.7.0)
      diff-lcs (>= 1.2.0, < 2.0)
      rspec-support (~> 3.7.0)
    rspec-mocks (3.7.0)
      diff-lcs (>= 1.2.0, < 2.0)
      rspec-support (~> 3.7.0)
    rspec-support (3.7.1)
    rubocop (0.52.1)
      parallel (~> 1.10)
      parser (>= 2.4.0.2, < 3.0)
      powerpack (~> 0.1)
      rainbow (>= 2.2.2, < 4.0)
      ruby-progressbar (~> 1.7)
      unicode-display_width (~> 1.0, >= 1.0.1)
    rubocop-checkstyle_formatter (0.4.0)
      rubocop (>= 0.35.1)
    ruby-progressbar (1.9.0)
    sinatra (2.0.0)
      mustermann (~> 1.0)
      rack (~> 2.0)
      rack-protection (= 2.0.0)
      tilt (~> 2.0)
    sinatra-flash (0.3.0)
      sinatra (>= 1.0.0)
    sprockets (3.7.1)
      concurrent-ruby (~> 1.0)
      rack (> 1, < 3)
    thor (0.19.4)
    thread_safe (0.3.6)
    tilt (2.0.8)
    tzinfo (1.2.5)
      thread_safe (~> 0.1)
    uglifier (4.1.5)
      execjs (>= 0.3.0, < 3)
    unicode-display_width (1.3.0)
    yui-compressor (0.12.0)

PLATFORMS
  ruby

DEPENDENCIES
  activerecord (>= 3.1)
  activesupport (>= 3.1)
  awesome_print
  bcrypt
  builder
  bundler
  byebug
  dalli
  dotenv
  erubi
  flickraw
  foreman
  geocoder
  kaminari
  kaminari-sinatra
  memcachier
  mysql2
  newrelic_rpm
  oj
  padrino
  padrino-cookies
  padrino-sprockets
  puma
  rack-protection
  rack-test
  rake
  rspec
  rubocop
  rubocop-checkstyle_formatter
  sinatra-flash
  uglifier
  yui-compressor

BUNDLED WITH
   1.16.0
